GEM
  remote: http://rubygems.org/
  specs:
    actionmailer (2.3.9)
      actionpack (= 2.3.9)
    actionpack (2.3.9)
      activesupport (= 2.3.9)
      rack (~> 1.1.0)
    activerecord (2.3.9)
      activesupport (= 2.3.9)
    activeresource (2.3.9)
      activesupport (= 2.3.9)
    activesupport (2.3.9)
    addressable (2.2.1)
    aruba (0.2.1)
    bourne (1.0)
      mocha (= 0.9.8)
    builder (2.1.2)
    columnize (0.3.1)
    crack (0.1.8)
    cucumber (0.8.5)
      builder (~> 2.1.2)
      diff-lcs (~> 1.1.2)
      gherkin (~> 2.1.4)
      json_pure (~> 1.4.3)
      term-ansicolor (~> 1.0.4)
    daemons (1.1.0)
    diff-lcs (1.1.2)
    eventmachine (0.12.10)
    gherkin (2.1.5)
      trollop (~> 1.16.2)
    httparty (0.6.1)
      crack (= 0.1.8)
    json (1.4.6)
    json_pure (1.4.6)
    linecache (0.43)
    mocha (0.9.8)
      rake
    rack (1.1.0)
    rails (2.3.9)
      actionmailer (= 2.3.9)
      actionpack (= 2.3.9)
      activerecord (= 2.3.9)
      activeresource (= 2.3.9)
      activesupport (= 2.3.9)
      rake (>= 0.8.3)
    rake (0.8.7)
    rspec (1.3.0)
    ruby-debug (0.10.3)
      columnize (>= 0.1)
      ruby-debug-base (~> 0.10.3.0)
    ruby-debug-base (0.10.3)
      linecache (>= 0.3)
    sham_rack (1.3.2)
    sinatra (1.0)
      rack (>= 1.0)
    sqlite3-ruby (1.3.1)
    term-ansicolor (1.0.5)
    thin (1.2.7)
      daemons (>= 1.0.9)
      eventmachine (>= 0.12.6)
      rack (>= 1.0.0)
    trollop (1.16.2)
    webmock (1.3.5)
      addressable (>= 2.1.1)
      crack (>= 0.1.7)
    yard (0.6.1)

PLATFORMS
  ruby

DEPENDENCIES
  aruba
  bourne
  cucumber
  httparty
  json
  rails (~> 2.3)
  rake
  rspec
  ruby-debug
  sham_rack
  sinatra
  sqlite3-ruby
  thin
  webmock
  yard
