GEM
  remote: http://rubygems.org/
  specs:
    actionpack (2.3.9)
      activesupport (= 2.3.9)
      rack (~> 1.1.0)
    activerecord (2.3.9)
      activesupport (= 2.3.9)
    activesupport (2.3.9)
    addressable (2.2.1)
    bourne (1.0)
      mocha (= 0.9.8)
    crack (0.1.8)
    fakeweb (1.3.0)
    httparty (0.6.1)
      crack (= 0.1.8)
    mocha (0.9.8)
      rake
    rack (1.1.0)
    rake (0.8.7)
    shoulda (2.11.3)
    webmock (1.3.5)
      addressable (>= 2.1.1)
      crack (>= 0.1.7)

PLATFORMS
  ruby

DEPENDENCIES
  actionpack (~> 2.3)
  activerecord (~> 2.3)
  bourne
  fakeweb
  httparty
  rake
  shoulda
  webmock
